GEM
  remote: https://rubygems.org/
  specs:
    dotenv (2.5.0)
    rake (12.3.3)

PLATFORMS
  ruby

DEPENDENCIES
  dotenv (~> 2.0)
  rake (~> 12.3)

RUBY VERSION
   ruby 2.5.1p57

BUNDLED WITH
   1.17.1
