GEM
  remote: https://rubygems.org/
  specs:
    rake (10.4.2)

PLATFORMS
  ruby

DEPENDENCIES
  rake (~> 10.4)

RUBY VERSION
   ruby 2.5.1p57

BUNDLED WITH
   1.17.1
